PATH
  remote: .
  specs:
    resque-statsd (0.1.5)
      resque
      statsd-ruby (>= 0.3)

GEM
  remote: https://admin:muyB0n1t0@gems.sweetspotintelligence.com/
  specs:
    backports (3.3.1)
    columnize (0.9.0)
    json (1.8.3)
    linecache (1.3.1)
    mono_logger (1.1.0)
    multi_json (1.12.1)
    rack (1.1.6)
    rake (10.5.0)
    redis (3.0.4)
    redis-namespace (1.3.0)
      redis (~> 3.0.0)
    resque (1.24.1)
      mono_logger (~> 1.0)
      multi_json (~> 1.0)
      redis-namespace (~> 1.2)
      sinatra (>= 0.9.2)
      vegas (~> 0.1.2)
    rspec (1.3.2)
    ruby-debug (0.10.4)
      columnize (>= 0.1)
      ruby-debug-base (~> 0.10.4.0)
    ruby-debug-base (0.10.4)
      linecache (>= 0.3)
    sinatra (1.2.9)
      backports
      rack (~> 1.1, < 1.5)
      tilt (>= 1.2.2, < 2.0)
    statsd-ruby (1.3.0)
    tilt (1.4.1)
    vegas (0.1.11)
      rack (>= 1.0.0)

PLATFORMS
  ruby

DEPENDENCIES
  bundler
  json
  rake (~> 10.0)
  resque-statsd!
  rspec (~> 1.3)
  ruby-debug

BUNDLED WITH
   1.12.5
