GIT
  remote: https://github.com/jeremy/statsd-ruby.git
  revision: 825f76115e022defad3a3c46b6994efa4e11e41a
  specs:
    statsd-ruby (0.4.0)

PATH
  remote: .
  specs:
    resque-statsd (0.0.1)
      statsd-ruby (~> 0.3)

GEM
  remote: https://rubygems.org/
  specs:
    diff-lcs (1.1.3)
    git (1.2.5)
    jeweler (1.8.3)
      bundler (~> 1.0)
      git (>= 1.2.5)
      rake
      rdoc
    json (1.6.6)
    rake (0.9.2.2)
    rdoc (3.12)
      json (~> 1.4)
    rspec (2.9.0)
      rspec-core (~> 2.9.0)
      rspec-expectations (~> 2.9.0)
      rspec-mocks (~> 2.9.0)
    rspec-core (2.9.0)
    rspec-expectations (2.9.1)
      diff-lcs (~> 1.1.3)
    rspec-mocks (2.9.0)
    yard (0.7.5)

PLATFORMS
  ruby

DEPENDENCIES
  jeweler (~> 1.8)
  rake
  resque-statsd!
  rspec
  statsd-ruby (~> 0.4)!
  yard
